GEM
  remote: http://ruby.taobao.org/
  specs:
    exifr (1.1.3)
    json (1.8.1)
    thor (0.19.1)

PLATFORMS
  ruby

DEPENDENCIES
  exifr
  json
  thor
